GEM
  remote: https://rubygems.org/
  specs:
    coderay (1.1.3)
    colorize (1.1.0)
    diff-lcs (1.5.1)
    method_source (1.1.0)
    pry (0.14.2)
      coderay (~> 1.1)
      method_source (~> 1.0)
    rspec (3.13.0)
      rspec-core (~> 3.13.0)
      rspec-expectations (~> 3.13.0)
      rspec-mocks (~> 3.13.0)
    rspec-core (3.13.0)
      rspec-support (~> 3.13.0)
    rspec-expectations (3.13.1)
      diff-lcs (>= 1.2.0, < 2.0)
      rspec-support (~> 3.13.0)
    rspec-mocks (3.13.1)
      diff-lcs (>= 1.2.0, < 2.0)
      rspec-support (~> 3.13.0)
    rspec-support (3.13.1)
    thor (1.3.1)

PLATFORMS
  x86_64-darwin-23

DEPENDENCIES
  colorize
  pry
  rspec
  thor

RUBY VERSION
   ruby 3.2.2p53

BUNDLED WITH
   2.4.12
